GEM
  remote: https://rubygems.org/
  specs:
    backport (1.1.2)
    readapt (1.0.0)
      backport (~> 1.1)
      thor (~> 1.0)
    thor (1.0.1)

PLATFORMS
  ruby

DEPENDENCIES
  readapt

BUNDLED WITH
   2.1.4
