GEM
  remote: https://rubygems.org/
  specs:
    tk (0.2.0)

PLATFORMS
  ruby

DEPENDENCIES
  tk

BUNDLED WITH
   2.1.4
